PATH
  remote: .
  specs:
    hoist (0.1.6)

GEM
  remote: https://rubygems.org/
  specs:
    commander (4.6.0)
      highline (~> 2.0.0)
    diff-lcs (1.5.0)
    highline (2.0.3)
    liquid (5.3.0)
    rake (10.5.0)
    rspec (3.11.0)
      rspec-core (~> 3.11.0)
      rspec-expectations (~> 3.11.0)
      rspec-mocks (~> 3.11.0)
    rspec-core (3.11.0)
      rspec-support (~> 3.11.0)
    rspec-expectations (3.11.0)
      diff-lcs (>= 1.2.0, < 2.0)
      rspec-support (~> 3.11.0)
    rspec-mocks (3.11.1)
      diff-lcs (>= 1.2.0, < 2.0)
      rspec-support (~> 3.11.0)
    rspec-support (3.11.0)

PLATFORMS
  arm64-darwin-21

DEPENDENCIES
  bundler (~> 2.3)
  commander
  hoist!
  liquid
  rake (~> 10.0)
  rspec (~> 3.0)

BUNDLED WITH
   2.3.14
